GEM
  specs:
    addressable (2.2.5)
    bson (1.3.0)
    em-websocket (0.3.0)
      addressable (>= 2.1.1)
      eventmachine (>= 0.12.9)
    eventmachine (0.12.10)
    haml (3.1.1)
    json (1.5.1)
    mongo (1.3.0)
      bson (>= 1.3.0)
    rack (1.2.2)
    sinatra (1.2.6)
      rack (~> 1.1)
      tilt (>= 1.2.2, < 2.0)
    tilt (1.3)
    zmq (2.1.0.1)

PLATFORMS
  ruby

DEPENDENCIES
  bson
  em-websocket
  haml
  json
  mongo
  sinatra
  zmq
